GEM
  remote: http://rubygems.org/
  specs:
    execjs (1.4.0)
      multi_json (~> 1.0)
    json (1.7.7)
    multi_json (1.7.3)
    rainbow (1.1.4)

PLATFORMS
  ruby

DEPENDENCIES
  execjs
  json (~> 1.7.7)
  rainbow
