GEM
  remote: http://rubygems.org/
  specs:
    execjs (1.4.0)
      multi_json (~> 1.0)
    multi_json (1.7.3)

PLATFORMS
  ruby

DEPENDENCIES
  execjs
